GEM
  remote: http://rubygems.org/
  specs:
    addressable (2.2.6)
    bitly (0.6.1)
      crack (>= 0.1.4)
      httparty (>= 0.5.2)
      oauth2 (>= 0.1.1)
    builder (3.0.0)
    cgi_multipart_eof_fix (2.5.0)
    coderay (0.9.8)
    crack (0.1.8)
    daemons (1.1.4)
    faraday (0.6.1)
      addressable (~> 2.2.4)
      multipart-post (~> 1.1.0)
      rack (>= 1.1.0, < 2)
    fastthread (1.0.7)
    gem_plugin (0.2.3)
    httparty (0.7.8)
      crack (= 0.1.8)
    mongrel (1.1.5)
      cgi_multipart_eof_fix (>= 2.4)
      daemons (>= 1.0.3)
      fastthread (>= 1.0.1)
      gem_plugin (>= 0.2.3)
    multi_json (1.0.3)
    multipart-post (1.1.2)
    nokogiri (1.5.0)
    oauth2 (0.4.1)
      faraday (~> 0.6.1)
      multi_json (>= 0.0.5)
    rack (1.3.0)
    rack-bug (0.3.0)
      rack (>= 1.0)
    rack-codehighlighter (0.4.7)
      nokogiri (>= 1.4.1)
      rack (>= 1.0.0)
    rack-contrib (1.1.0)
      rack (>= 0.9.1)
    rack-static-if-present (0.2.0)
      rack (~> 1)
    rdiscount (1.6.8)
    ruby-prof (0.10.8)
    shotgun (0.9)
      rack (>= 1.0)
    toto (0.4.9)
      builder
      rack
      rdiscount

PLATFORMS
  ruby

DEPENDENCIES
  bitly
  builder
  coderay
  mongrel
  nokogiri
  rack-bug
  rack-codehighlighter
  rack-contrib
  rack-static-if-present
  rdiscount
  ruby-prof
  shotgun
  toto
