GEM
  remote: http://rubygems.org/
  specs:
    builder (3.0.0)
    cgi_multipart_eof_fix (2.5.0)
    coderay (0.9.7)
    daemons (1.1.2)
    fastthread (1.0.7)
    gem_plugin (0.2.3)
    mongrel (1.1.5)
      cgi_multipart_eof_fix (>= 2.4)
      daemons (>= 1.0.3)
      fastthread (>= 1.0.1)
      gem_plugin (>= 0.2.3)
    nokogiri (1.4.4)
    rack (1.2.2)
    rack-bug (0.3.0)
      rack (>= 1.0)
    rack-codehighlighter (0.4.7)
      nokogiri (>= 1.4.1)
      rack (>= 1.0.0)
    rack-contrib (1.1.0)
      rack (>= 0.9.1)
    rack-static-if-present (0.1.0)
    rdiscount (1.6.8)
    ruby-prof (0.9.2)
    shotgun (0.9)
      rack (>= 1.0)
    toto (0.4.9)
      builder
      rack
      rdiscount

PLATFORMS
  ruby

DEPENDENCIES
  builder
  coderay
  mongrel
  nokogiri
  rack-bug
  rack-codehighlighter
  rack-contrib
  rack-static-if-present
  rdiscount
  ruby-prof
  shotgun
  toto
